GEM
  remote: https://rubygems.org/
  specs:
    coderay (1.0.9)
    haml (4.0.3)
      tilt
    method_source (0.8.2)
    pry (0.9.12.2)
      coderay (~> 1.0.5)
      method_source (~> 0.8)
      slop (~> 3.4)
    rack (1.5.2)
    rack-protection (1.5.1)
      rack
    rmagick (2.13.2)
    sinatra (1.4.4)
      rack (~> 1.4)
      rack-protection (~> 1.4)
      tilt (~> 1.3, >= 1.3.4)
    slop (3.4.6)
    tilt (1.4.1)

PLATFORMS
  ruby

DEPENDENCIES
  haml
  pry
  rmagick
  sinatra
